GEM
  remote: https://rubygems.org/
  specs:
    activemodel (6.1.7.1)
      activesupport (= 6.1.7.1)
    activerecord (6.1.7.1)
      activemodel (= 6.1.7.1)
      activesupport (= 6.1.7.1)
    activerecord-pedantmysql2-adapter (1.1.3)
      activerecord (>= 3.2)
      mysql2 (>= 0.3.12)
    activesupport (6.1.7.1)
      concurrent-ruby (~> 1.0, >= 1.0.2)
      i18n (>= 1.6, < 2)
      minitest (>= 5.1)
      tzinfo (~> 2.0)
      zeitwerk (~> 2.3)
    avro (1.9.2)
      multi_json
    avro_turf (0.11.0)
      avro (>= 1.7.7, < 1.10)
      excon (~> 0.45)
    concurrent-ruby (1.1.10)
    digest-crc (0.5.1)
    excon (0.73.0)
    i18n (1.12.0)
      concurrent-ruby (~> 1.0)
    minitest (5.17.0)
    multi_json (1.14.1)
    mysql2 (0.5.3)
    ruby-kafka (1.0.0)
      digest-crc
    tzinfo (2.0.5)
      concurrent-ruby (~> 1.0)
    zeitwerk (2.6.6)

PLATFORMS
  ruby

DEPENDENCIES
  activerecord (~> 6.1)
  activerecord-pedantmysql2-adapter (~> 1.1)
  avro_turf
  ruby-kafka

BUNDLED WITH
   1.16.1
