GEM
  remote: https://rubygems.org/
  specs:
    activemodel (6.0.3.5)
      activesupport (= 6.0.3.5)
    activerecord (6.0.3.5)
      activemodel (= 6.0.3.5)
      activesupport (= 6.0.3.5)
    activerecord-pedantmysql2-adapter (1.1.3)
      activerecord (>= 3.2)
      mysql2 (>= 0.3.12)
    activesupport (6.0.3.5)
      concurrent-ruby (~> 1.0, >= 1.0.2)
      i18n (>= 0.7, < 2)
      minitest (~> 5.1)
      tzinfo (~> 1.1)
      zeitwerk (~> 2.2, >= 2.2.2)
    avro (1.9.2)
      multi_json
    avro_turf (0.11.0)
      avro (>= 1.7.7, < 1.10)
      excon (~> 0.45)
    concurrent-ruby (1.1.8)
    digest-crc (0.5.1)
    excon (0.73.0)
    i18n (1.8.9)
      concurrent-ruby (~> 1.0)
    minitest (5.14.4)
    multi_json (1.14.1)
    mysql2 (0.5.3)
    ruby-kafka (1.0.0)
      digest-crc
    thread_safe (0.3.6)
    tzinfo (1.2.9)
      thread_safe (~> 0.1)
    zeitwerk (2.4.2)

PLATFORMS
  ruby

DEPENDENCIES
  activerecord (~> 6.0)
  activerecord-pedantmysql2-adapter (~> 1.1)
  avro_turf
  ruby-kafka

BUNDLED WITH
   1.16.1
